GEM
  remote: https://rubygems.org/
  specs:
    colorize (0.8.1)
    commander (4.4.7)
      highline (~> 2.0.0)
    excon (0.71.0)
    highline (2.0.0)

PLATFORMS
  ruby

DEPENDENCIES
  colorize
  commander
  excon

BUNDLED WITH
   2.0.1
